GEM
  remote: http://rubygems.org/
  specs:
    liquid (2.2.2)
    mime-types (1.16)
    redcarpet (1.11.0)

PLATFORMS
  ruby

DEPENDENCIES
  liquid (>= 2.2.2)
  mime-types (>= 1.16)
  redcarpet (>= 1.11.0)
